GEM
  remote: https://rubygems.org/
  specs:
    slop (4.8.2)

PLATFORMS
  ruby

DEPENDENCIES
  slop (~> 4.8)

BUNDLED WITH
   2.1.4
